GEM
  remote: http://rubygems.org/
  specs:
    activemodel (6.1.7.1)
      activesupport (= 6.1.7.1)
    activerecord (6.1.7.1)
      activemodel (= 6.1.7.1)
      activesupport (= 6.1.7.1)
    activesupport (6.1.7.1)
      concurrent-ruby (~> 1.0, >= 1.0.2)
      i18n (>= 1.6, < 2)
      minitest (>= 5.1)
      tzinfo (~> 2.0)
      zeitwerk (~> 2.3)
    alias (0.2.3)
    bond (0.4.1)
    boson (1.2.2)
    boson-more (0.2.2)
      boson (>= 1.2.0)
    columnize (0.3.6)
    concurrent-ruby (1.1.10)
    console_update (0.1.5)
    debugger (1.1.0)
      columnize (>= 0.3.1)
      debugger-linecache (~> 1.1)
      debugger-ruby_core_source (~> 1.1)
    debugger-linecache (1.1.0)
      debugger-ruby_core_source
    debugger-ruby_core_source (1.1.1)
    has_machine_tags (0.2.0)
    hirb (0.6.2)
    i18n (1.12.0)
      concurrent-ruby (~> 1.0)
    minitest (5.17.0)
    pg (0.11.0)
    rack (1.2.1)
    rack-test (0.5.4)
      rack (>= 1.0)
    ripl (0.6.4)
      bond (~> 0.4.0)
    ripl-rack (0.2.0)
      rack (>= 1.0)
      rack-test (>= 0.5)
      ripl (>= 0.3.5)
    ripl-ripper (0.1.0)
      ripl (>= 0.3.3)
    tzinfo (2.0.5)
      concurrent-ruby (~> 1.0)
    zeitwerk (2.6.6)

PLATFORMS
  ruby

DEPENDENCIES
  activerecord
  alias
  boson
  boson-more
  console_update
  debugger
  has_machine_tags
  hirb
  pg
  ripl
  ripl-rack
  ripl-ripper
