GEM
  remote: http://rubygems.org/
  specs:
    activemodel (3.2.3)
      activesupport (= 3.2.3)
      builder (~> 3.0.0)
    activerecord (3.2.3)
      activemodel (= 3.2.3)
      activesupport (= 3.2.3)
      arel (~> 3.0.2)
      tzinfo (~> 0.3.29)
    activesupport (3.2.3)
      i18n (~> 0.6)
      multi_json (~> 1.0)
    alias (0.2.3)
    arel (3.0.2)
    bond (0.4.1)
    boson (1.2.2)
    boson-more (0.2.2)
      boson (>= 1.2.0)
    builder (3.0.0)
    columnize (0.3.6)
    console_update (0.1.5)
    debugger (1.1.0)
      columnize (>= 0.3.1)
      debugger-linecache (~> 1.1)
      debugger-ruby_core_source (~> 1.1)
    debugger-linecache (1.1.0)
      debugger-ruby_core_source
    debugger-ruby_core_source (1.1.1)
    has_machine_tags (0.2.0)
    hirb (0.6.2)
    i18n (0.6.0)
    multi_json (1.3.0)
    pg (0.11.0)
    rack (2.0.8)
    rack-test (0.5.4)
      rack (>= 1.0)
    ripl (0.6.4)
      bond (~> 0.4.0)
    ripl-rack (0.2.0)
      rack (>= 1.0)
      rack-test (>= 0.5)
      ripl (>= 0.3.5)
    ripl-ripper (0.1.0)
      ripl (>= 0.3.3)
    tzinfo (0.3.33)

PLATFORMS
  ruby

DEPENDENCIES
  activerecord
  alias
  boson
  boson-more
  console_update
  debugger
  has_machine_tags
  hirb
  pg
  ripl
  ripl-rack
  ripl-ripper
